GEM
  remote: http://rubygems.org/
  specs:
    builder (3.2.0)
    coderay (1.0.9)
    daemons (1.1.9)
    eventmachine (1.0.3)
    eventmachine (1.0.3-x86-mingw32)
    haml (4.0.2)
      tilt
    method_source (0.8.1)
    newrelic_rpm (3.6.1.88)
    pry (0.9.12.1)
      coderay (~> 1.0.5)
      method_source (~> 0.8)
      slop (~> 3.4)
    pry (0.9.12.1-x86-mingw32)
      coderay (~> 1.0.5)
      method_source (~> 0.8)
      slop (~> 3.4)
      win32console (~> 1.3)
    rack (1.5.2)
    rack-protection (1.5.0)
      rack
    rake (10.0.4)
    rdiscount (1.6.8)
    sinatra (1.4.2)
      rack (~> 1.5, >= 1.5.2)
      rack-protection (~> 1.4)
      tilt (~> 1.3, >= 1.3.4)
    slop (3.4.4)
    thin (1.5.1)
      daemons (>= 1.0.9)
      eventmachine (>= 0.12.6)
      rack (>= 1.0.0)
    tilt (1.4.0)
    win32console (1.3.2-x86-mingw32)

PLATFORMS
  ruby
  x86-mingw32

DEPENDENCIES
  builder
  haml
  newrelic_rpm
  pry
  rack
  rake
  rdiscount (= 1.6.8)
  sinatra
  thin
