GEM
  remote: https://rubygems.org/
  specs:
    builder (3.2.2)
    coderay (1.1.0)
    daemons (1.1.9)
    dalli (2.7.0)
    eventmachine (1.0.3)
    haml (4.0.5)
      tilt
    kgio (2.8.1)
    method_source (0.8.2)
    pry (0.9.12.6)
      coderay (~> 1.0)
      method_source (~> 0.8)
      slop (~> 3.4)
    rack (1.5.2)
    rack-protection (1.5.2)
      rack
    rdiscount (2.1.7)
    shotgun (0.9)
      rack (>= 1.0)
    sinatra (1.4.4)
      rack (~> 1.4)
      rack-protection (~> 1.4)
      tilt (~> 1.3, >= 1.3.4)
    slop (3.4.7)
    thin (1.6.1)
      daemons (>= 1.0.9)
      eventmachine (>= 1.0.0)
      rack (>= 1.0.0)
    tilt (1.4.1)

PLATFORMS
  ruby

DEPENDENCIES
  builder (~> 3.2.2)
  dalli (~> 2.7.0)
  haml (~> 4.0.5)
  kgio (~> 2.8.1)
  pry
  rack (~> 1.5.2)
  rdiscount (~> 2.1.7)
  shotgun
  sinatra (~> 1.4.4)
  thin (~> 1.6.1)
