GEM
  remote: http://rubygems.org/
  specs:
    activemodel (3.1.0)
      activesupport (= 3.1.0)
      bcrypt-ruby (~> 3.0.0)
      builder (~> 3.0.0)
      i18n (~> 0.6)
    activerecord (3.1.0)
      activemodel (= 3.1.0)
      activesupport (= 3.1.0)
      arel (~> 2.2.1)
      tzinfo (~> 0.3.29)
    activesupport (3.1.0)
      multi_json (~> 1.0)
    addressable (2.2.6)
    arel (2.2.1)
    bcrypt-ruby (3.0.1)
    builder (3.0.0)
    daemons (1.1.4)
    eventmachine (0.12.10)
    haml (3.1.2)
    heroku (2.8.0)
      launchy (>= 0.3.2)
      rest-client (~> 1.6.1)
      rubyzip
      term-ansicolor (~> 1.0.5)
    httpclient (2.2.1)
    i18n (0.6.0)
    launchy (2.0.5)
      addressable (~> 2.2.6)
    less (2.0.6)
      therubyracer (~> 0.9.2)
    libv8 (3.3.10.2)
    logger (1.2.8)
    maruku (0.6.0)
      syntax (>= 1.0.0)
    mime-types (1.16)
    multi_json (1.0.3)
    rack (1.3.2)
    rake (0.9.2)
    rest-client (1.6.7)
      mime-types (>= 1.16)
    rubyzip (0.9.4)
    sinatra (1.2.6)
      rack (~> 1.1)
      tilt (< 2.0, >= 1.2.2)
    soap4r (1.5.8)
      httpclient (>= 2.1.1)
    sqlite3 (1.3.4)
    syntax (1.0.0)
    term-ansicolor (1.0.6)
    therubyracer (0.9.4)
      libv8 (~> 3.3.10)
    thin (1.2.11)
      daemons (>= 1.0.9)
      eventmachine (>= 0.12.6)
      rack (>= 1.0.0)
    tilt (1.3.3)
    tzinfo (0.3.29)

PLATFORMS
  ruby

DEPENDENCIES
  activemodel (= 3.1.0)
  activerecord (= 3.1.0)
  activesupport (= 3.1.0)
  addressable (= 2.2.6)
  arel (= 2.2.1)
  bcrypt-ruby (= 3.0.1)
  builder (= 3.0.0)
  daemons (= 1.1.4)
  eventmachine (= 0.12.10)
  haml (= 3.1.2)
  heroku (= 2.8.0)
  httpclient (= 2.2.1)
  i18n (= 0.6.0)
  launchy (= 2.0.5)
  less (= 2.0.6)
  libv8 (= 3.3.10.2)
  logger (= 1.2.8)
  maruku (= 0.6.0)
  mime-types (= 1.16)
  multi_json (= 1.0.3)
  rack (= 1.3.2)
  rake (= 0.9.2)
  rest-client (= 1.6.7)
  rubyzip (= 0.9.4)
  sinatra (= 1.2.6)
  soap4r (= 1.5.8)
  sqlite3 (= 1.3.4)
  syntax (= 1.0.0)
  term-ansicolor (= 1.0.6)
  therubyracer (= 0.9.4)
  thin (= 1.2.11)
  tilt (= 1.3.3)
  tzinfo (= 0.3.29)
