GEM
  remote: http://rubygems.org/
  specs:
    builder (3.1.4)
    coderay (1.0.8)
    commonjs (0.2.6)
    daemons (1.1.9)
    eventmachine (1.0.0)
    haml (3.1.7)
    less (2.2.2)
      commonjs (~> 0.2.6)
    libv8 (3.3.10.4)
    method_source (0.8.1)
    newrelic_rpm (3.5.0.1)
    pry (0.9.10)
      coderay (~> 1.0.5)
      method_source (~> 0.8)
      slop (~> 3.3.1)
    rack (1.4.1)
    rack-protection (1.2.0)
      rack
    rake (0.9.2.2)
    rdiscount (1.6.8)
    sinatra (1.3.3)
      rack (~> 1.3, >= 1.3.6)
      rack-protection (~> 1.2)
      tilt (~> 1.3, >= 1.3.3)
    slop (3.3.3)
    therubyracer (0.10.2)
      libv8 (~> 3.3.10)
    thin (1.5.0)
      daemons (>= 1.0.9)
      eventmachine (>= 0.12.6)
      rack (>= 1.0.0)
    tilt (1.3.3)

PLATFORMS
  ruby

DEPENDENCIES
  builder
  haml
  less
  newrelic_rpm
  pry
  rack
  rake
  rdiscount
  sinatra
  therubyracer
  thin
